GEM
  remote: http://rubygems.org/
  specs:
    bson (1.3.0)
    bson_ext (1.3.0)
    diff-lcs (1.1.2)
    json_pure (1.5.1)
    mongo (1.3.0)
      bson (>= 1.3.0)
    rack (1.2.2)
    rack-methodoverride-with-params (1.0.0)
      rack (~> 1)
    rack-test (0.6.0)
      rack (>= 1.0)
    rspec (2.5.0)
      rspec-core (~> 2.5.0)
      rspec-expectations (~> 2.5.0)
      rspec-mocks (~> 2.5.0)
    rspec-core (2.5.1)
    rspec-expectations (2.5.0)
      diff-lcs (~> 1.1.2)
    rspec-mocks (2.5.0)
    shared-mime-info (0.1)
    sinatra (1.2.6)
      rack (~> 1.1)
      tilt (>= 1.2.2, < 2.0)
    sinatra-jsonp (0.3.1)
      json_pure (~> 1.4)
      sinatra (~> 1.0)
    test-spec (0.10.0)
    tilt (1.3)

PLATFORMS
  ruby

DEPENDENCIES
  bson_ext
  mongo
  rack-methodoverride-with-params
  rack-test
  rspec
  shared-mime-info
  sinatra
  sinatra-jsonp
  test-spec
